GEM
  remote: https://rubygems.org/
  specs:
    ProMotion (1.0.4)
    activesupport (3.2.14)
      i18n (~> 0.6, >= 0.6.4)
      multi_json (~> 1.0)
    bubble-wrap (1.3.0)
    claide (0.3.2)
    cocoapods (0.24.0)
      activesupport (~> 3.0)
      claide (~> 0.3.2)
      cocoapods-core (= 0.24.0)
      cocoapods-downloader (~> 0.2.0)
      colored (~> 1.2)
      escape (~> 0.0.4)
      json (~> 1.8)
      open4 (~> 1.3)
      xcodeproj (~> 0.10.0)
    cocoapods-core (0.24.0)
      activesupport (~> 3.0)
      json (~> 1.8)
      nap (~> 0.5)
    cocoapods-downloader (0.2.0)
    colored (1.2)
    escape (0.0.4)
    formotion (1.5.0)
      bubble-wrap (~> 1.3.0)
      motion-require (~> 0.0.3)
    i18n (0.6.5)
    json (1.8.0)
    motion-cocoapods (1.3.6)
      cocoapods (>= 0.17.0)
    motion-require (0.0.7)
    motion_data_wrapper (0.0.5)
      bubble-wrap
    multi_json (1.8.0)
    nap (0.5.1)
    open4 (1.3.0)
    rake (10.1.0)
    sugarcube (1.1.0)
    sweettea (0.6.0)
      rake
      sugarcube
      teacup
    teacup (2.1.9)
    xcodeproj (0.10.1)
      activesupport (~> 3.0)
      colored (~> 1.2)

PLATFORMS
  ruby

DEPENDENCIES
  ProMotion
  bubble-wrap
  formotion
  motion-cocoapods
  motion_data_wrapper
  rake
  sugarcube
  sweettea
  teacup
