GEM
  remote: https://rubygems.org/
  specs:
    ProMotion (1.2.1)
      methadone (~> 1.3)
      motion-require (~> 0.2)
    ProMotion-formotion (0.1.6)
      ProMotion (>= 1.2.0)
      formotion (>= 1.7)
      motion-require (>= 0.2.0)
    bubble-wrap (1.7.1)
      bubble-wrap-http (= 1.7.1)
    bubble-wrap-http (1.7.1)
    formotion (1.8)
      bubble-wrap (>= 1.4.0)
      motion-require (>= 0.1.0)
    methadone (1.7.0)
      bundler
    motion-require (0.2.0)
    motion-testflight (1.5.2)
    motion_data_wrapper (0.0.7)
      bubble-wrap
    rake (10.3.2)
    sugarcube (2.0.2)
    sweettea (0.6.0)
      rake
      sugarcube
      teacup
    teacup (3.0.1)

PLATFORMS
  ruby

DEPENDENCIES
  ProMotion (= 1.2.1)
  ProMotion-formotion
  bubble-wrap
  formotion
  motion-testflight
  motion_data_wrapper
  rake
  sugarcube
  sweettea
  teacup
